GEM
  remote: https://rubygems.org/
  specs:
    cfn-model (0.1.26)
      kwalify (= 0.7.2)
    cfn-nag (0.3.55)
      cfn-model (~> 0.1.26)
      jmespath (~> 1.3.1)
      logging (~> 2.2.2)
      netaddr (~> 1.5.1)
      trollop (~> 2.1.2)
    jmespath (1.3.1)
    kwalify (0.7.2)
    little-plugger (1.1.4)
    logging (2.2.2)
      little-plugger (~> 1.1)
      multi_json (~> 1.10)
    multi_json (1.13.1)
    netaddr (1.5.1)
    trollop (2.1.3)

PLATFORMS
  ruby

DEPENDENCIES
  cfn-nag (= 0.3.55)

BUNDLED WITH
   1.17.2
